PATH
  remote: .
  specs:
    rgtk (0.0.4)
      activesupport (~> 3.0.0)
      gtk2 (~> 0.90.8)
      xdg (~> 1.0.0)
      ya2yaml (~> 0.30)

GEM
  remote: http://rubygems.org/
  specs:
    activesupport (3.0.7)
    atk (0.90.8)
      glib2 (>= 0.90.8)
    cairo (1.10.0)
      pkg-config
    gdk_pixbuf2 (0.90.8)
      glib2 (>= 0.90.8)
    glib2 (0.90.8)
      pkg-config
    gtk2 (0.90.8)
      atk (>= 0.90.8)
      gdk_pixbuf2 (>= 0.90.8)
      pango (>= 0.90.8)
    pango (0.90.8)
      cairo (>= 1.10.0)
      glib2 (>= 0.90.8)
    pkg-config (1.1.1)
    xdg (1.0.0)
    ya2yaml (0.30)
    yard (0.6.8)

PLATFORMS
  ruby

DEPENDENCIES
  rgtk!
  yard
